GEM
  remote: https://rubygems.org/
  specs:
    addressable (2.5.0)
      public_suffix (~> 2.0, >= 2.0.2)
    colorator (1.1.0)
    em-websocket (0.5.1)
      eventmachine (>= 0.12.9)
      http_parser.rb (~> 0.6.0)
    eventmachine (1.2.1)
    ffi (1.9.14)
    forwardable-extended (2.6.0)
    hawkins (2.0.4)
      em-websocket (~> 0.5)
      jekyll (~> 3.1)
    http_parser.rb (0.6.0)
    jekyll (3.3.1)
      addressable (~> 2.4)
      colorator (~> 1.0)
      jekyll-sass-converter (~> 1.0)
      jekyll-watch (~> 1.1)
      kramdown (~> 1.3)
      liquid (~> 3.0)
      mercenary (~> 0.3.3)
      pathutil (~> 0.9)
      rouge (~> 1.7)
      safe_yaml (~> 1.0)
    jekyll-sass-converter (1.5.0)
      sass (~> 3.4)
    jekyll-watch (1.5.0)
      listen (~> 3.0, < 3.1)
    kramdown (1.13.1)
    libv8 (3.16.14.17)
    liquid (3.0.6)
    listen (3.0.8)
      rb-fsevent (~> 0.9, >= 0.9.4)
      rb-inotify (~> 0.9, >= 0.9.7)
    mercenary (0.3.6)
    pathutil (0.14.0)
      forwardable-extended (~> 2.6)
    posix-spawn (0.3.12)
    public_suffix (2.0.4)
    pygments.rb (0.6.3)
      posix-spawn (~> 0.3.6)
      yajl-ruby (~> 1.2.0)
    rb-fsevent (0.9.8)
    rb-inotify (0.9.7)
      ffi (>= 0.5.0)
    ref (2.0.0)
    rouge (1.11.1)
    safe_yaml (1.0.4)
    sass (3.4.22)
    therubyracer (0.12.2)
      libv8 (~> 3.16.14.0)
      ref
    yajl-ruby (1.2.1)

PLATFORMS
  ruby

DEPENDENCIES
  hawkins
  jekyll (~> 3.3.0)
  kramdown (~> 1.13.0)
  pygments.rb (= 0.6.3)
  therubyracer (= 0.12.2)

RUBY VERSION
   ruby 2.3.1p112

BUNDLED WITH
   1.13.6
